GEM
  remote: https://rubygems.org/
  specs:
    aws-sdk (2.2.0)
      aws-sdk-resources (= 2.2.0)
    aws-sdk-core (2.2.0)
      jmespath (~> 1.0)
    aws-sdk-resources (2.2.0)
      aws-sdk-core (= 2.2.0)
    encryptor (1.3.0)
    jmespath (1.1.3)
    json (1.8.3)

PLATFORMS
  ruby

DEPENDENCIES
  aws-sdk
  encryptor
  json
